PATH
  remote: _plugins
  specs:
    jekyll-archives (2.2.1)

GEM
  specs:

PLATFORMS
  ruby

DEPENDENCIES
  jekyll-archives (= 2.2.1)!

BUNDLED WITH
   1.16.3
